GEM
  remote: http://rubygems.org/
  specs:
    active_support (3.0.0)
      activesupport (= 3.0.0)
    activesupport (3.0.0)
    awesome_print (1.1.0)
    colored (1.2)

PLATFORMS
  ruby

DEPENDENCIES
  active_support
  awesome_print
  colored
